PATH
  remote: .
  specs:
    desiru (0.2.0)
      forwardable (~> 1.3)
      redis (~> 5.0)
      sidekiq (~> 7.2)
      singleton (~> 0.1)

GEM
  remote: https://rubygems.org/
  specs:
    activesupport (8.0.2)
      base64
      benchmark (>= 0.3)
      bigdecimal
      concurrent-ruby (~> 1.0, >= 1.3.1)
      connection_pool (>= 2.2.5)
      drb
      i18n (>= 1.6, < 2)
      logger (>= 1.4.2)
      minitest (>= 5.1)
      securerandom (>= 0.3)
      tzinfo (~> 2.0, >= 2.0.5)
      uri (>= 0.13.1)
    addressable (2.8.7)
      public_suffix (>= 2.0.2, < 7.0)
    anthropic (1.1.1)
      connection_pool
    ast (2.4.3)
    async (2.25.0)
      console (~> 1.29)
      fiber-annotation
      io-event (~> 1.11)
      metrics (~> 0.12)
      traces (~> 0.15)
    base64 (0.3.0)
    benchmark (0.4.1)
    bigdecimal (3.2.2)
    byebug (12.0.0)
    coderay (1.1.3)
    concurrent-ruby (1.3.5)
    connection_pool (2.5.3)
    console (1.31.0)
      fiber-annotation
      fiber-local (~> 1.1)
      json
    crack (1.0.0)
      bigdecimal
      rexml
    date (3.4.1)
    diff-lcs (1.6.2)
    docile (1.4.1)
    dotenv (3.1.8)
    drb (2.2.3)
    dry-configurable (1.3.0)
      dry-core (~> 1.1)
      zeitwerk (~> 2.6)
    dry-core (1.1.0)
      concurrent-ruby (~> 1.0)
      logger
      zeitwerk (~> 2.6)
    dry-inflector (1.2.0)
    dry-initializer (3.2.0)
    dry-logic (1.6.0)
      bigdecimal
      concurrent-ruby (~> 1.0)
      dry-core (~> 1.1)
      zeitwerk (~> 2.6)
    dry-schema (1.14.1)
      concurrent-ruby (~> 1.0)
      dry-configurable (~> 1.0, >= 1.0.1)
      dry-core (~> 1.1)
      dry-initializer (~> 3.2)
      dry-logic (~> 1.5)
      dry-types (~> 1.8)
      zeitwerk (~> 2.6)
    dry-struct (1.8.0)
      dry-core (~> 1.1)
      dry-types (~> 1.8, >= 1.8.2)
      ice_nine (~> 0.11)
      zeitwerk (~> 2.6)
    dry-types (1.8.3)
      bigdecimal (~> 3.0)
      concurrent-ruby (~> 1.0)
      dry-core (~> 1.0)
      dry-inflector (~> 1.0)
      dry-logic (~> 1.4)
      zeitwerk (~> 2.6)
    dry-validation (1.11.1)
      concurrent-ruby (~> 1.0)
      dry-core (~> 1.1)
      dry-initializer (~> 3.2)
      dry-schema (~> 1.14)
      zeitwerk (~> 2.6)
    erb (5.0.1)
    event_stream_parser (1.0.0)
    faraday (2.13.1)
      faraday-net_http (>= 2.0, < 3.5)
      json
      logger
    faraday-multipart (1.1.1)
      multipart-post (~> 2.0)
    faraday-net_http (3.4.1)
      net-http (>= 0.5.0)
    faraday-retry (2.3.2)
      faraday (~> 2.0)
    fiber-annotation (0.2.0)
    fiber-local (1.1.0)
      fiber-storage
    fiber-storage (1.0.1)
    forwardable (1.3.3)
    grape (2.4.0)
      activesupport (>= 6.1)
      dry-types (>= 1.1)
      mustermann-grape (~> 1.1.0)
      rack (>= 2)
      zeitwerk
    graphql (2.5.9)
      base64
      fiber-storage
      logger
    hashdiff (1.2.0)
    i18n (1.14.7)
      concurrent-ruby (~> 1.0)
    ice_nine (0.11.2)
    io-event (1.11.0)
    json (2.12.2)
    jwt (2.10.1)
      base64
    language_server-protocol (3.17.0.5)
    lint_roller (1.1.0)
    logger (1.7.0)
    method_source (1.1.0)
    metrics (0.12.2)
    mini_portile2 (2.8.9)
    minitest (5.25.5)
    mock_redis (0.50.0)
      redis (~> 5)
    multi_json (1.15.0)
    multipart-post (2.4.1)
    mustermann (3.0.3)
      ruby2_keywords (~> 0.0.1)
    mustermann-grape (1.1.0)
      mustermann (>= 1.0.0)
    net-http (0.6.0)
      uri
    open_router (0.3.3)
      activesupport (>= 6.0)
      dotenv (>= 2)
      faraday (>= 1)
      faraday-multipart (>= 1)
    parallel (1.27.0)
    parser (3.3.8.0)
      ast (~> 2.4.1)
      racc
    prism (1.4.0)
    pry (0.15.2)
      coderay (~> 1.1)
      method_source (~> 1.0)
    pry-byebug (3.11.0)
      byebug (~> 12.0)
      pry (>= 0.13, < 0.16)
    psych (5.2.6)
      date
      stringio
    public_suffix (6.0.2)
    racc (1.8.1)
    rack (2.2.17)
    rack-cors (2.0.2)
      rack (>= 2.0.0)
    rack-protection (3.2.0)
      base64 (>= 0.1.0)
      rack (~> 2.2, >= 2.2.4)
    rack-test (2.2.0)
      rack (>= 1.3)
    rack-throttle (0.7.1)
      bundler (>= 1.0.0)
      rack (>= 1.0.0)
    rainbow (3.1.1)
    rake (13.3.0)
    rdoc (6.14.1)
      erb
      psych (>= 4.0.0)
    redis (5.4.0)
      redis-client (>= 0.22.0)
    redis-client (0.25.0)
      connection_pool
    regexp_parser (2.10.0)
    rexml (3.4.1)
    rspec (3.13.1)
      rspec-core (~> 3.13.0)
      rspec-expectations (~> 3.13.0)
      rspec-mocks (~> 3.13.0)
    rspec-core (3.13.4)
      rspec-support (~> 3.13.0)
    rspec-expectations (3.13.5)
      diff-lcs (>= 1.2.0, < 2.0)
      rspec-support (~> 3.13.0)
    rspec-mocks (3.13.5)
      diff-lcs (>= 1.2.0, < 2.0)
      rspec-support (~> 3.13.0)
    rspec-support (3.13.4)
    rubocop (1.76.2)
      json (~> 2.3)
      language_server-protocol (~> 3.17.0.2)
      lint_roller (~> 1.1.0)
      parallel (~> 1.10)
      parser (>= 3.3.0.2)
      rainbow (>= 2.2.2, < 4.0)
      regexp_parser (>= 2.9.3, < 3.0)
      rubocop-ast (>= 1.45.1, < 2.0)
      ruby-progressbar (~> 1.7)
      unicode-display_width (>= 2.4.0, < 4.0)
    rubocop-ast (1.45.1)
      parser (>= 3.3.7.2)
      prism (~> 1.4)
    rubocop-capybara (2.22.1)
      lint_roller (~> 1.1)
      rubocop (~> 1.72, >= 1.72.1)
    rubocop-factory_bot (2.27.1)
      lint_roller (~> 1.1)
      rubocop (~> 1.72, >= 1.72.1)
    rubocop-rake (0.7.1)
      lint_roller (~> 1.1)
      rubocop (>= 1.72.1)
    rubocop-rspec (2.31.0)
      rubocop (~> 1.40)
      rubocop-capybara (~> 2.17)
      rubocop-factory_bot (~> 2.22)
      rubocop-rspec_rails (~> 2.28)
    rubocop-rspec_rails (2.29.1)
      rubocop (~> 1.61)
    ruby-openai (7.4.0)
      event_stream_parser (>= 0.3.0, < 2.0.0)
      faraday (>= 1)
      faraday-multipart (>= 1)
    ruby-progressbar (1.13.0)
    ruby2_keywords (0.0.5)
    securerandom (0.4.1)
    sequel (5.93.0)
      bigdecimal
    sidekiq (7.3.9)
      base64
      connection_pool (>= 2.3.0)
      logger
      rack (>= 2.2.4)
      redis-client (>= 0.22.2)
    simplecov (0.22.0)
      docile (~> 1.1)
      simplecov-html (~> 0.11)
      simplecov_json_formatter (~> 0.1)
    simplecov-html (0.13.1)
    simplecov_json_formatter (0.1.4)
    sinatra (3.2.0)
      mustermann (~> 3.0)
      rack (~> 2.2, >= 2.2.4)
      rack-protection (= 3.2.0)
      tilt (~> 2.0)
    sinatra-contrib (3.2.0)
      multi_json (>= 0.0.2)
      mustermann (~> 3.0)
      rack-protection (= 3.2.0)
      sinatra (= 3.2.0)
      tilt (~> 2.0)
    singleton (0.3.0)
    sqlite3 (1.7.3)
      mini_portile2 (~> 2.8.0)
    stringio (3.1.7)
    tilt (2.6.0)
    traces (0.15.2)
    tzinfo (2.0.6)
      concurrent-ruby (~> 1.0)
    unicode-display_width (3.1.4)
      unicode-emoji (~> 4.0, >= 4.0.4)
    unicode-emoji (4.0.4)
    uri (1.0.3)
    webmock (3.25.1)
      addressable (>= 2.8.0)
      crack (>= 0.3.2)
      hashdiff (>= 0.4.0, < 2.0.0)
    yard (0.9.37)
    zeitwerk (2.7.3)

PLATFORMS
  arm64-darwin-23
  ruby

DEPENDENCIES
  anthropic (~> 1.1)
  async (~> 2.0)
  desiru!
  dotenv (~> 3.0)
  dry-struct (~> 1.0)
  dry-validation (~> 1.0)
  faraday (~> 2.0)
  faraday-retry (~> 2.0)
  grape (~> 2.0)
  graphql (~> 2.0)
  jwt (~> 2.0)
  mock_redis (~> 0.40)
  open_router (~> 0.3)
  pry (~> 0.14)
  pry-byebug (~> 3.10)
  rack-cors (~> 2.0)
  rack-test (~> 2.0)
  rack-throttle (~> 0.7)
  rake (~> 13.0)
  rdoc
  redis (~> 5.0)
  rspec (~> 3.0)
  rubocop (~> 1.21)
  rubocop-rake (~> 0.6)
  rubocop-rspec (~> 2.0)
  ruby-openai (~> 7.0)
  sequel (~> 5.0)
  simplecov (~> 0.22)
  sinatra (~> 3.0)
  sinatra-contrib (~> 3.0)
  sqlite3 (~> 1.6)
  webmock (~> 3.0)
  yard (~> 0.9)

RUBY VERSION
   ruby 3.4.2p28

BUNDLED WITH
   2.6.8
